GIT
  remote: git@github.com:vovanmozg/rocketjob.git
  revision: 2d713b56789503df7e24b891dee87fb594a07a9e
  specs:
    rocketjob (4.1.1)
      aasm (~> 5.0)
      concurrent-ruby (~> 1.1)
      iostreams (~> 0.16)
      mongoid (>= 5.4)
      semantic_logger (~> 4.1)

GEM
  remote: https://rubygems.org/
  specs:
    aasm (5.0.5)
      concurrent-ruby (~> 1.0)
    activemodel (5.2.4.3)
      activesupport (= 5.2.4.3)
    activesupport (5.2.4.3)
      concurrent-ruby (~> 1.0, >= 1.0.2)
      i18n (>= 0.7, < 2)
      minitest (~> 5.1)
      tzinfo (~> 1.1)
    bson (4.5.0)
    concurrent-ruby (1.1.6)
    god (0.13.7)
    i18n (1.8.2)
      concurrent-ruby (~> 1.0)
    iostreams (0.17.3)
      concurrent-ruby
    minitest (5.14.1)
    mongo (2.9.0)
      bson (>= 4.4.2, < 5.0.0)
    mongoid (7.0.4)
      activemodel (>= 5.1, < 6.0.0)
      mongo (>= 2.5.1, < 3.0.0)
    semantic_logger (4.5.0)
      concurrent-ruby (~> 1.0)
    thread_safe (0.3.6)
    tzinfo (1.2.7)
      thread_safe (~> 0.1)
    zeitwerk (2.1.9)

PLATFORMS
  ruby

DEPENDENCIES
  aasm (~> 5.0)
  god (~> 0.13.7)
  mongoid (~> 7.0)
  rocketjob!
  zeitwerk (~> 2.1)

BUNDLED WITH
   1.16.6
